GEM
  remote: https://rubygems.org/
  specs:
    minitest (5.4.3)
    minitest-rg (5.1.0)
      minitest (~> 5.0)

PLATFORMS
  ruby

DEPENDENCIES
  minitest (>= 5.4.3)
  minitest-rg (>= 5.1.0)
